GEM
  remote: https://rubygems.org/
  specs:
    activesupport (4.0.3)
      i18n (~> 0.6, >= 0.6.4)
      minitest (~> 4.2)
      multi_json (~> 1.3)
      thread_safe (~> 0.1)
      tzinfo (~> 0.3.37)
    atomic (1.1.15)
    http_router (0.11.1)
      rack (>= 1.0.0)
      url_mount (~> 0.2.1)
    i18n (0.6.9)
    mail (2.5.4)
      mime-types (~> 1.16)
      treetop (~> 1.4.8)
    metaclass (0.0.4)
    mime-types (1.25.1)
    minitest (4.7.5)
    mocha (1.0.0)
      metaclass (~> 0.0.1)
    moneta (0.7.20)
    multi_json (1.9.0)
    padrino (0.12.0)
      padrino-admin (= 0.12.0)
      padrino-cache (= 0.12.0)
      padrino-core (= 0.12.0)
      padrino-gen (= 0.12.0)
      padrino-helpers (= 0.12.0)
      padrino-mailer (= 0.12.0)
    padrino-admin (0.12.0)
      padrino-core (= 0.12.0)
      padrino-helpers (= 0.12.0)
    padrino-cache (0.12.0)
      moneta (~> 0.7.0)
      padrino-core (= 0.12.0)
      padrino-helpers (= 0.12.0)
    padrino-core (0.12.0)
      activesupport (>= 3.1)
      http_router (~> 0.11.0)
      rack-protection (>= 1.5.0)
      sinatra (~> 1.4.2)
      thor (~> 0.17.0)
      tilt (~> 1.4.1)
    padrino-gen (0.12.0)
      bundler (~> 1.0)
      padrino-core (= 0.12.0)
    padrino-helpers (0.12.0)
      i18n (~> 0.6, >= 0.6.7)
      padrino-core (= 0.12.0)
    padrino-mailer (0.12.0)
      mail (~> 2.5.3)
      padrino-core (= 0.12.0)
    polyglot (0.3.4)
    rack (1.5.2)
    rack-protection (1.5.2)
      rack
    rack-test (0.6.2)
      rack (>= 1.0)
    rake (10.1.1)
    sass (3.3.0)
      rake
    sequel (4.8.0)
    shoulda (3.5.0)
      shoulda-context (~> 1.0, >= 1.0.1)
      shoulda-matchers (>= 1.4.1, < 3.0)
    shoulda-context (1.1.6)
    shoulda-matchers (2.5.0)
      activesupport (>= 3.0.0)
    sinatra (1.4.4)
      rack (~> 1.4)
      rack-protection (~> 1.4)
      tilt (~> 1.3, >= 1.3.4)
    slim (2.0.2)
      temple (~> 0.6.6)
      tilt (>= 1.3.3, < 2.1)
    sqlite3 (1.3.9)
    temple (0.6.7)
    thor (0.17.0)
    thread_safe (0.2.0)
      atomic (>= 1.1.7, < 2)
    tilt (1.4.1)
    treetop (1.4.15)
      polyglot
      polyglot (>= 0.3.1)
    tzinfo (0.3.38)
    url_mount (0.2.1)
      rack

PLATFORMS
  ruby

DEPENDENCIES
  mocha
  padrino (= 0.12.0)
  rack-test
  rake
  sass
  sequel
  shoulda
  slim
  sqlite3
